GEM
  remote: https://rubygems.org/
  specs:
    byebug (9.0.5)
    faraday (0.9.2)
      multipart-post (>= 1.2, < 3)
    multipart-post (2.0.0)
    nyan-cat (0.0.5)
      paint (~> 0.8.6)
    paint (0.8.7)

PLATFORMS
  ruby

DEPENDENCIES
  byebug
  faraday
  nyan-cat

BUNDLED WITH
   1.12.5
